PATH
  remote: .
  specs:
    pastebinrb (1.3.1)

GEM
  remote: https://rubygems.org/
  specs:
    minitest (5.11.3)
    rake (12.3.2)

PLATFORMS
  ruby

DEPENDENCIES
  bundler
  minitest
  pastebinrb!
  rake

BUNDLED WITH
   2.0.1
