PATH
  remote: .
  specs:
    pastebinrb (1.2.0)

GEM
  remote: https://rubygems.org/
  specs:
    minitest (5.11.3)
    rake (10.5.0)

PLATFORMS
  ruby

DEPENDENCIES
  bundler (~> 1.16)
  minitest (~> 5.0)
  pastebinrb!
  rake (~> 10.0)

RUBY VERSION
   ruby 2.5.1p57

BUNDLED WITH
   1.16.1
