PATH
  remote: .
  specs:
    pastebinrb (1.3.1)

GEM
  remote: https://rubygems.org/
  specs:
    minitest (5.12.2)
    rake (13.0.0)

PLATFORMS
  ruby

DEPENDENCIES
  bundler
  minitest
  pastebinrb!
  rake

BUNDLED WITH
   2.0.2
