PATH
  remote: .
  specs:
    pastebinrb (1.3.0)

GEM
  remote: https://rubygems.org/
  specs:
    minitest (5.11.3)
    rake (10.5.0)

PLATFORMS
  ruby

DEPENDENCIES
  bundler (~> 1.16)
  minitest (~> 5.0)
  pastebinrb!
  rake (~> 10.0)

RUBY VERSION
   ruby 2.6.0p0

BUNDLED WITH
   1.17.2
